GEM
  remote: https://rubygems.org/
  specs:
    addressable (2.8.1)
      public_suffix (>= 2.0.2, < 6.0)
    chunky_png (1.4.0)
    colorator (1.1.0)
    compass (0.12.7)
      chunky_png (~> 1.2)
      fssm (>= 0.2.7)
      sass (~> 3.2.19)
    concurrent-ruby (1.1.10)
    directory_watcher (1.4.1)
    em-websocket (0.5.3)
      eventmachine (>= 0.12.9)
      http_parser.rb (~> 0)
    eventmachine (1.2.7)
    ffi (1.15.5)
    forwardable-extended (2.6.0)
    fssm (0.2.10)
    haml (3.1.8)
    http_parser.rb (0.8.0)
    i18n (1.12.0)
      concurrent-ruby (~> 1.0)
    jekyll (4.3.1)
      addressable (~> 2.4)
      colorator (~> 1.0)
      em-websocket (~> 0.5)
      i18n (~> 1.0)
      jekyll-sass-converter (>= 2.0, < 4.0)
      jekyll-watch (~> 2.0)
      kramdown (~> 2.3, >= 2.3.1)
      kramdown-parser-gfm (~> 1.0)
      liquid (~> 4.0)
      mercenary (>= 0.3.6, < 0.5)
      pathutil (~> 0.9)
      rouge (>= 3.0, < 5.0)
      safe_yaml (~> 1.0)
      terminal-table (>= 1.8, < 4.0)
      webrick (~> 1.7)
    jekyll-sass-converter (2.2.0)
      sassc (> 2.0.1, < 3.0)
    jekyll-watch (2.2.1)
      listen (~> 3.0)
    kramdown (2.4.0)
      rexml
    kramdown-parser-gfm (1.1.0)
      kramdown (~> 2.0)
    liquid (4.0.3)
    listen (3.7.1)
      rb-fsevent (~> 0.10, >= 0.10.3)
      rb-inotify (~> 0.9, >= 0.9.10)
    mercenary (0.4.0)
    pathutil (0.16.2)
      forwardable-extended (~> 2.6)
    public_suffix (5.0.1)
    pygments.rb (2.3.1)
    rack (1.6.13)
    rack-protection (1.5.5)
      rack
    rake (0.9.6)
    rb-fsevent (0.11.2)
    rb-inotify (0.10.1)
      ffi (~> 1.0)
    rdiscount (2.2.7)
    rexml (3.2.5)
    rouge (4.0.0)
    rubypants (0.2.0)
    safe_yaml (1.0.5)
    sass (3.2.19)
    sass-globbing (1.1.5)
      sass (>= 3.1)
    sassc (2.4.0)
      ffi (~> 1.9)
    sinatra (1.4.8)
      rack (~> 1.5)
      rack-protection (~> 1.4)
      tilt (>= 1.3, < 3)
    stringex (1.4.0)
    terminal-table (3.0.2)
      unicode-display_width (>= 1.1.1, < 3)
    tilt (2.0.11)
    unicode-display_width (2.3.0)
    webrick (1.7.0)

PLATFORMS
  x86_64-darwin-22
  x86_64-linux

DEPENDENCIES
  compass (~> 0.12.7)
  directory_watcher (= 1.4.1)
  haml (~> 3.1.7)
  jekyll (~> 4.3.1)
  kramdown (~> 2.4)
  liquid (~> 4.0.3)
  pygments.rb
  rake (~> 0.9)
  rb-fsevent (~> 0.9)
  rdiscount (~> 2.2.0)
  rubypants (~> 0.2.0)
  sass
  sass-globbing
  sinatra (~> 1.4.2)
  stringex (~> 1.4.0)

RUBY VERSION
   ruby 2.7.7p221

BUNDLED WITH
   2.3.26
