GEM
  remote: https://rubygems.org/
  specs:
    albino (1.3.3)
      posix-spawn (>= 0.3.6)
    chunky_png (1.3.1)
    classifier (1.3.4)
      fast-stemmer (>= 1.0.0)
    compass (0.12.7)
      chunky_png (~> 1.2)
      fssm (>= 0.2.7)
      sass (~> 3.2.19)
    directory_watcher (1.4.1)
    fast-stemmer (1.0.2)
    fssm (0.2.10)
    haml (3.1.8)
    jekyll (0.11.0)
      albino (>= 1.3.2)
      classifier (>= 1.3.1)
      directory_watcher (>= 1.1.1)
      kramdown (>= 0.13.2)
      liquid (>= 1.9.0)
      maruku (>= 0.5.9)
    kramdown (1.4.2)
    liquid (2.3.0)
    maruku (0.7.2)
    multi_json (1.13.1)
    mustermann (1.1.2)
      ruby2_keywords (~> 0.0.1)
    posix-spawn (0.3.13)
    pygments.rb (1.2.1)
      multi_json (>= 1.0.0)
    rack (2.2.4)
    rack-protection (2.2.0)
      rack
    rake (0.9.6)
    rb-fsevent (0.9.4)
    rdiscount (2.2.0.2)
    ruby2_keywords (0.0.5)
    rubypants (0.2.0)
    sass (3.2.19)
    sass-globbing (1.1.1)
      sass (>= 3.1)
    sinatra (2.2.0)
      mustermann (~> 1.0)
      rack (~> 2.2)
      rack-protection (= 2.2.0)
      tilt (~> 2.0)
    stringex (1.4.0)
    tilt (2.0.11)

PLATFORMS
  ruby

DEPENDENCIES
  compass (~> 0.12.7)
  directory_watcher (= 1.4.1)
  haml (~> 3.1.7)
  jekyll (~> 0.11.0)
  kramdown (~> 1.4.2)
  liquid (~> 2.3.0)
  pygments.rb
  rake (~> 0.9)
  rb-fsevent (~> 0.9)
  rdiscount (~> 2.2.0)
  rubypants (~> 0.2.0)
  sass
  sass-globbing
  sinatra (~> 2.2.0)
  stringex (~> 1.4.0)

RUBY VERSION
   ruby 2.6.8p205

BUNDLED WITH
   1.17.3
